PATH
  remote: .
  specs:
    rbbcode (1.0.5)
      sanitize
      treetop (= 1.5.3)

GEM
  remote: https://rubygems.org/
  specs:
    ansi (1.5.0)
    builder (3.2.4)
    crass (1.0.6)
    lorax (0.3.0.rc2)
      nokogiri (>= 1.4)
    mini_portile2 (2.4.0)
    minitest (5.14.1)
    minitest-reporters (1.4.2)
      ansi
      builder
      minitest (>= 5.0)
      ruby-progressbar
    nokogiri (1.10.9)
      mini_portile2 (~> 2.4.0)
    nokogumbo (2.0.2)
      nokogiri (~> 1.8, >= 1.8.4)
    polyglot (0.3.5)
    rake (13.0.1)
    ruby-progressbar (1.10.1)
    sanitize (5.2.1)
      crass (~> 1.0.2)
      nokogiri (>= 1.8.0)
      nokogumbo (~> 2.0)
    treetop (1.5.3)
      polyglot (~> 0.3)

PLATFORMS
  ruby

DEPENDENCIES
  lorax (>= 0.3.0.rc2)
  minitest
  minitest-reporters
  rake
  rbbcode!

BUNDLED WITH
   2.1.4
